GEM
  remote: http://rubygems.org/
  specs:
    bson (1.7.0)
    git (1.2.5)
    jeweler (1.8.4)
      bundler (~> 1.0)
      git (>= 1.2.5)
      rake
      rdoc
    json (1.7.5)
    macaddr (1.6.1)
      systemu (~> 2.5.0)
    mocha (0.9.12)
    mongo (1.7.0)
      bson (~> 1.7.0)
    mongo-resque (1.20.0)
      mongo (~> 1.5)
      multi_json (~> 1.0)
      sinatra (>= 0.9.2)
      vegas (~> 0.1.2)
    multi_json (1.3.6)
    rack (1.4.1)
    rack-protection (1.2.0)
      rack
    rake (0.9.2.2)
    rdoc (3.12)
      json (~> 1.4)
    shoulda (2.10.3)
    sinatra (1.3.3)
      rack (~> 1.3, >= 1.3.6)
      rack-protection (~> 1.2)
      tilt (~> 1.3, >= 1.3.3)
    systemu (2.5.2)
    tilt (1.3.3)
    uuid (2.3.5)
      macaddr (~> 1.0)
    vegas (0.1.11)
      rack (>= 1.0.0)

PLATFORMS
  ruby

DEPENDENCIES
  jeweler
  mocha (~> 0.9.8)
  mongo-resque (>= 1.20.0)
  shoulda (~> 2.10.2)
  uuid (~> 2.3)
